GIT
  remote: https://github.com/creative-workflow/capistrano-pm2
  revision: dbce40fa3cf43dd2f6aa7cf436e027190533cc3f
  specs:
    capistrano-pm2 (1.0.4)
      capistrano (>= 3.0.0)

GEM
  remote: http://rubygems.org/
  specs:
    airbrussh (1.4.1)
      sshkit (>= 1.6.1, != 1.7.0)
    bcrypt_pbkdf (1.1.0)
    capistrano (3.17.1)
      airbrussh (>= 1.0.0)
      i18n
      rake (>= 10.0.0)
      sshkit (>= 1.9.0)
    capistrano-npm (1.0.3)
      capistrano (>= 3.0.0)
    concurrent-ruby (1.1.10)
    ed25519 (1.3.0)
    i18n (1.12.0)
      concurrent-ruby (~> 1.0)
    net-scp (1.2.1)
      net-ssh (>= 2.6.5)
    net-ssh (7.0.1)
    rake (13.0.6)
    sshkit (1.21.2)
      net-scp (>= 1.1.2)
      net-ssh (>= 2.8.0)

PLATFORMS
  arm64-darwin-21

DEPENDENCIES
  bcrypt_pbkdf
  capistrano
  capistrano-npm
  capistrano-pm2!
  ed25519

RUBY VERSION
   ruby 2.7.6p219

BUNDLED WITH
   2.3.20
